GEM
  remote: https://rubygems.org/
  specs:
    celluloid (0.14.0)
      timers (>= 1.0.0)
    curb (0.8.3)
    slop (3.4.5)
    timers (1.1.0)

PLATFORMS
  java

DEPENDENCIES
  celluloid
  curb
  slop
