GEM
  remote: https://rubygems.org/
  specs:
    curb (0.8.3)

PLATFORMS
  java

DEPENDENCIES
  curb
